GIT
  remote: https://github.com/beastia/nats_listener
  revision: be080aab721ff65ab88a3843c3cf29bdbe38ee79
  specs:
    nats_listener (0.1.1)
      nats-pure (~> 0.5)

GIT
  remote: https://github.com/beastia/nats_listener_core
  revision: 35ac7b246257e03305640bc94c31f16e3acafe12
  specs:
    nats_listener_core (0.1.0)

GIT
  remote: https://github.com/beastia/nats_streaming_listener
  revision: 681c69fceb9c04bf9cabf63822876c6fa46e522d
  specs:
    nats_streaming_listener (0.1.0)
      google-protobuf (~> 3.6)
      nats-streaming (~> 0.2)

PATH
  remote: .
  specs:
    nats-pain (0.2.0)
      connection_pool (~> 2.2.2)
      dry-configurable
      nats-pure (~> 0.5.0)
      nats-streaming (~> 0.2.2)

GEM
  remote: https://rubygems.org/
  specs:
    concurrent-ruby (1.1.4)
    connection_pool (2.2.2)
    diff-lcs (1.3)
    dry-configurable (0.7.0)
      concurrent-ruby (~> 1.0)
    google-protobuf (3.6.1)
    nats-pure (0.5.0)
    nats-streaming (0.2.2)
      google-protobuf (~> 3)
      nats-pure (~> 0)
    oj (3.7.7)
    ougai (1.7.1)
      oj (~> 3.4)
    rake (10.5.0)
    rspec (3.8.0)
      rspec-core (~> 3.8.0)
      rspec-expectations (~> 3.8.0)
      rspec-mocks (~> 3.8.0)
    rspec-core (3.8.0)
      rspec-support (~> 3.8.0)
    rspec-expectations (3.8.2)
      diff-lcs (>= 1.2.0, < 2.0)
      rspec-support (~> 3.8.0)
    rspec-mocks (3.8.0)
      diff-lcs (>= 1.2.0, < 2.0)
      rspec-support (~> 3.8.0)
    rspec-support (3.8.0)

PLATFORMS
  ruby

DEPENDENCIES
  bundler (~> 1.16)
  nats-pain!
  nats_listener!
  nats_listener_core!
  nats_streaming_listener!
  ougai
  rake (~> 10.0)
  rspec (~> 3.0)

BUNDLED WITH
   1.16.6
